GEM
  remote: http://rubygems.org/
  specs:
    coderay (1.0.8)
    method_source (0.8.1)
    pry (0.9.10)
      coderay (~> 1.0.5)
      method_source (~> 0.8)
      slop (~> 3.3.1)
    pry-nav (0.2.2)
      pry (~> 0.9.10)
    rubyzip (0.9.9)
    slop (3.3.3)
    zipruby (0.3.6)

PLATFORMS
  ruby

DEPENDENCIES
  pry
  pry-nav
  rubyzip
  zipruby
